GEM
  remote: https://rubygems.org/
  specs:
    addressable (2.8.7)
      public_suffix (>= 2.0.2, < 7.0)
    bigdecimal (3.2.3)
    byebug (12.0.0)
    faraday (2.13.4)
      faraday-net_http (>= 2.0, < 3.5)
      json
      logger
    faraday-follow_redirects (0.3.0)
      faraday (>= 1, < 3)
    faraday-net_http (3.4.1)
      net-http (>= 0.5.0)
    faraday-retry (2.3.2)
      faraday (~> 2.0)
    json (2.14.1)
    json-schema (6.0.0)
      addressable (~> 2.8)
      bigdecimal (~> 3.1)
    json_rpc_handler (0.1.1)
    logger (1.7.0)
    mcp (0.3.0)
      json-schema (>= 4.1)
      json_rpc_handler (~> 0.1)
    net-http (0.6.0)
      uri
    public_suffix (6.0.2)
    ruby-mcp-client (0.8.1)
      faraday (~> 2.0)
      faraday-follow_redirects (~> 0.3)
      faraday-retry (~> 2.0)
    uri (1.0.3)

PLATFORMS
  arm64-darwin-24
  ruby

DEPENDENCIES
  byebug
  mcp
  ruby-mcp-client

BUNDLED WITH
   2.5.16
